GEM
  remote: https://rubygems.org/
  specs:
    configatron (4.5.1)
    rake (12.1.0)
    rake-funnel (0.20.2)
      configatron (~> 4.5)
      rake (>= 10.4, < 13)
      rubyzip (~> 1.0)
      smart_colored
    rubyzip (1.2.1)
    smart_colored (1.1.1)

PLATFORMS
  x64-mingw32
  x86-mingw32

DEPENDENCIES
  rake-funnel

BUNDLED WITH
   1.15.4
