NUGET
  remote: https://www.nuget.org/api/v2
  specs:
    FakeItEasy (1.25.3)
    ILRepack (2.0.10)
    JetBrains.Annotations (10.0.0)
    Machine.Specifications (0.9.3)
    Machine.Specifications.Runner.Console (0.9.2)
    Machine.Specifications.Should (0.8.0)
      Machine.Specifications (>= 0.9 < 1.0)
    WindowsAPICodePack-Core (1.1.1)
    WindowsAPICodePack-Shell (1.1.1)
      WindowsAPICodePack-Core (>= 1.1.1)
