NUGET
  remote: https://www.nuget.org/api/v2
  specs:
    FakeItEasy (1.25.3)
    Machine.Specifications (0.9.3)
    Machine.Specifications.Runner.Console (0.9.2)
    Machine.Specifications.Should (0.8.0)
      Machine.Specifications (>= 0.9 < 1.0)
